GEM
  remote: https://rubygems.org/
  specs:
    adsf (1.2.0)
      rack (>= 1.0.0)
    colored (1.2)
    cri (2.6.1)
      colored (~> 1.2)
    haml (4.0.5)
      tilt
    kramdown (1.4.2)
    mini_portile2 (2.4.0)
    nanoc (3.7.3)
      cri (~> 2.3)
    nokogiri (1.9.1)
      mini_portile2 (~> 2.4.0)
    posix-spawn (0.3.9)
    pygments.rb (0.6.0)
      posix-spawn (~> 0.3.6)
      yajl-ruby (~> 1.1.0)
    rack (1.5.2)
    redcarpet (3.2.0)
    tilt (2.0.1)
    yajl-ruby (1.1.0)

PLATFORMS
  ruby

DEPENDENCIES
  adsf
  haml
  kramdown
  nanoc
  nokogiri
  pygments.rb
  redcarpet

BUNDLED WITH
   1.17.3
